PATH
  remote: ../publication
  specs:
    publication (0.0.9)
      activesupport (= 4.2.5)
      mdspell (= 0.2.0)
      rake (= 10.4.2)
      ruby-pandoc (>= 0.0.5)
      thor (>= 0.19.1)

GEM
  remote: https://rubygems.org/
  specs:
    activesupport (4.2.5)
      i18n (~> 0.7)
      json (~> 1.7, >= 1.7.7)
      minitest (~> 5.1)
      thread_safe (~> 0.3, >= 0.3.4)
      tzinfo (~> 1.1)
    ffi (1.9.10)
    ffi-aspell (1.1.0)
      ffi
    i18n (0.7.0)
    json (1.8.3)
    kramdown (1.11.1)
    mdspell (0.2.0)
      ffi-aspell (~> 1.1)
      kramdown (~> 1.8)
      mixlib-cli (~> 1.5)
      mixlib-config (~> 2.2)
      rainbow (~> 2.0)
    minitest (5.8.4)
    mixlib-cli (1.6.0)
    mixlib-config (2.2.1)
    rainbow (2.1.0)
    rake (10.4.2)
    ruby-pandoc (0.0.5)
    thor (0.19.1)
    thread_safe (0.3.5)
    tzinfo (1.2.2)
      thread_safe (~> 0.1)

PLATFORMS
  ruby

DEPENDENCIES
  publication!

BUNDLED WITH
   1.11.2
